PATH
  remote: .
  specs:
    spackler (0.9.2.5)

GEM
  remote: http://rubygems.org/
  specs:
    nokogiri (1.4.4)

PLATFORMS
  ruby

DEPENDENCIES
  nokogiri (>= 1.3)
  spackler!
